GEM
  remote: https://rubygems.org/
  specs:
    nokogiri (1.15.4-x86_64-darwin)
      racc (~> 1.4)
    racc (1.7.1)

PLATFORMS
  x86_64-darwin-20

DEPENDENCIES
  nokogiri (~> 1.15, >= 1.15.4)

BUNDLED WITH
   2.4.2
